GEM
  remote: https://rubygems.org/
  specs:
    color (1.5.1)
    geo_pattern (1.1.4)
      color (~> 1.5)
    rack (1.5.2)
    rack-protection (1.5.2)
      rack
    sinatra (1.4.4)
      rack (~> 1.4)
      rack-protection (~> 1.4)
      tilt (~> 1.3, >= 1.3.4)
    tilt (1.4.1)

PLATFORMS
  ruby

DEPENDENCIES
  geo_pattern
  sinatra
